GEM
  remote: https://rubygems.org/
  specs:
    webrick (1.9.1)

PLATFORMS
  arm64-darwin-24
  ruby

DEPENDENCIES
  webrick

RUBY VERSION
   ruby 3.2.7p253

BUNDLED WITH
   2.6.5
